GEM
  remote: http://ruby.taobao.org/
  specs:
    coderay (1.0.9)
    eventmachine-win32 (0.7.2)
    ffi (1.9.0)
    formatador (0.2.4)
    guard (1.8.1)
      formatador (>= 0.2.4)
      listen (>= 1.0.0)
      lumberjack (>= 1.0.2)
      pry (>= 0.9.10)
      thor (>= 0.14.6)
    guard-shell (0.5.1)
      guard (>= 1.1.0)
    listen (1.2.2)
      rb-fsevent (>= 0.9.3)
      rb-inotify (>= 0.9)
      rb-kqueue (>= 0.2)
    lumberjack (1.0.3)
    method_source (0.8.1)
    pry (0.9.12.2)
      coderay (~> 1.0.5)
      method_source (~> 0.8)
      slop (~> 3.4)
    pry (0.9.12.2-x86-mingw32)
      coderay (~> 1.0.5)
      method_source (~> 0.8)
      slop (~> 3.4)
      win32console (~> 1.3)
    pry-nav (0.2.3)
      pry (~> 0.9.10)
    rake (10.0.4)
    rb-fsevent (0.9.3)
    rb-inotify (0.9.0)
      ffi (>= 0.5.0)
    rb-kqueue (0.2.0)
      ffi (>= 0.5.0)
    redcarpet (2.3.0)
    rubyzip (0.9.9)
    slop (3.4.5)
    thor (0.18.1)
    wdm (0.1.0)
    win32-api (1.4.8-x86-mingw32)
    win32-changenotify (0.5.1)
      windows-pr (>= 1.0.6)
    win32-event (0.6.1)
      win32-ipc (>= 0.6.0)
    win32-ipc (0.6.1)
      ffi
    win32console (1.3.2-x86-mingw32)
    windows-api (0.4.2)
      win32-api (>= 1.4.5)
    windows-pr (1.2.2)
      win32-api (>= 1.4.5)
      windows-api (>= 0.3.0)

PLATFORMS
  ruby
  x86-mingw32

DEPENDENCIES
  eventmachine-win32
  guard
  guard-shell
  pry
  pry-nav
  rake
  rb-inotify
  redcarpet
  rubyzip
  wdm
  win32-changenotify
  win32-event
